GIT
  remote: https://github.com/cf-buildpacks-eng/mini_portile
  revision: 53130df22960c079c6976e780cb2f74bebbb0031
  specs:
    mini_portile (0.7.0.rc4)

GEM
  remote: https://rubygems.org/
  specs:
    ast (2.4.0)
    base64 (0.3.0)
    coderay (1.1.2)
    date (3.4.1)
    diff-lcs (1.3)
    method_source (0.9.0)
    net-ftp (0.3.8)
      net-protocol
      time
    net-protocol (0.2.2)
      timeout
    parser (2.5.1.2)
      ast (~> 2.4.0)
    powerpack (0.1.2)
    pry (0.11.3)
      coderay (~> 1.1.0)
      method_source (~> 0.9.0)
    racc (1.8.1)
    rainbow (2.1.0)
    rspec (3.8.0)
      rspec-core (~> 3.8.0)
      rspec-expectations (~> 3.8.0)
      rspec-mocks (~> 3.8.0)
    rspec-core (3.8.0)
      rspec-support (~> 3.8.0)
    rspec-expectations (3.8.1)
      diff-lcs (>= 1.2.0, < 2.0)
      rspec-support (~> 3.8.0)
    rspec-instafail (1.0.0)
      rspec
    rspec-mocks (3.8.0)
      diff-lcs (>= 1.2.0, < 2.0)
      rspec-support (~> 3.8.0)
    rspec-support (3.8.0)
    rubocop (0.43.0)
      parser (>= 2.3.1.1, < 3.0)
      powerpack (~> 0.1)
      rainbow (>= 1.99.1, < 3.0)
      ruby-progressbar (~> 1.7)
      unicode-display_width (~> 1.0, >= 1.0.1)
    rubocop-rspec (1.7.0)
      rubocop (>= 0.42.0)
    ruby-progressbar (1.10.0)
    time (0.4.1)
      date
    timeout (0.4.3)
    unicode-display_width (1.4.0)

PLATFORMS
  ruby

DEPENDENCIES
  base64
  mini_portile!
  net-ftp
  pry
  racc
  rainbow (~> 2.1.0)
  rspec
  rspec-instafail
  rubocop (~> 0.43.0)
  rubocop-rspec (~> 1.7.0)

RUBY VERSION
   ruby 3.4.6p54

BUNDLED WITH
   2.7.2
